GEM
  remote: https://rubygems.org/
  specs:
    addressable (2.3.5)
    capybara (2.2.1)
      mime-types (>= 1.16)
      nokogiri (>= 1.3.3)
      rack (>= 1.0.0)
      rack-test (>= 0.5.4)
      xpath (~> 2.0)
    capybara-webkit (1.1.0)
      capybara (~> 2.0, >= 2.0.2)
      json
    colorize (0.5.8)
    diff-lcs (1.2.5)
    gherkin-ruby (0.3.1)
      racc
    json (1.8.1)
    launchy (2.4.2)
      addressable (~> 2.3)
    mime-types (2.1)
    mini_portile (0.5.2)
    nokogiri (1.6.1)
      mini_portile (~> 0.5.0)
    racc (1.4.11)
    rack (1.5.2)
    rack-test (0.6.2)
      rack (>= 1.0)
    rspec (2.13.0)
      rspec-core (~> 2.13.0)
      rspec-expectations (~> 2.13.0)
      rspec-mocks (~> 2.13.0)
    rspec-core (2.13.1)
    rspec-expectations (2.13.0)
      diff-lcs (>= 1.1.3, < 2.0)
    rspec-mocks (2.13.1)
    spinach (0.8.7)
      colorize (= 0.5.8)
      gherkin-ruby (>= 0.3.1)
    xpath (2.0.0)
      nokogiri (~> 1.3)

PLATFORMS
  ruby

DEPENDENCIES
  capybara
  capybara-webkit
  launchy
  rspec (~> 2.13.0)
  spinach
